GEM
  remote: https://rubygems.org/
  specs:
    coderay (1.1.3)
    matrix (0.3.0)
    method_source (1.0.0)
    pry (0.13.1)
      coderay (~> 1.1)
      method_source (~> 1.0)
    require_all (3.0.0)
    tf-idf-similarity (0.2.0)
      unicode_utils (~> 1.4)
    unicode_utils (1.4.0)

PLATFORMS
  ruby

DEPENDENCIES
  matrix
  pry
  require_all
  tf-idf-similarity

BUNDLED WITH
   2.1.4
